PATH
  remote: .
  specs:
    mrd (0.0.8)
      term-ansicolor

GEM
  remote: http://yarp.dev/
  specs:
    rake (10.1.0)
    term-ansicolor (1.2.2)
      tins (~> 0.8)
    tins (0.9.0)

PLATFORMS
  ruby

DEPENDENCIES
  mrd!
  rake
