PATH
  remote: .
  specs:
    mrd (0.0.8)
      term-ansicolor

GEM
  remote: http://eu.yarp.io/
  specs:
    rake (10.1.0)
    term-ansicolor (1.3.0)
      tins (~> 1.0)
    tins (1.3.3)

PLATFORMS
  ruby

DEPENDENCIES
  mrd!
  rake
